PATH
  remote: .
  specs:
    el (0.1.0)
      rack
      rack-contrib
      zeitwerk

GEM
  remote: https://rubygems.org/
  specs:
    concurrent-ruby (1.1.8)
    crass (1.0.6)
    diff-lcs (1.4.4)
    rack (2.2.3)
    rack-contrib (2.3.0)
      rack (~> 2.0)
    rspec (3.10.0)
      rspec-core (~> 3.10.0)
      rspec-expectations (~> 3.10.0)
      rspec-mocks (~> 3.10.0)
    rspec-core (3.10.1)
      rspec-support (~> 3.10.0)
    rspec-expectations (3.10.1)
      diff-lcs (>= 1.2.0, < 2.0)
      rspec-support (~> 3.10.0)
    rspec-mocks (3.10.2)
      diff-lcs (>= 1.2.0, < 2.0)
      rspec-support (~> 3.10.0)
    rspec-support (3.10.2)
    yard (0.9.26)
    zeitwerk (2.4.2)

PLATFORMS
  ruby

DEPENDENCIES
  concurrent-ruby
  crass
  el!
  rspec
  yard

BUNDLED WITH
   2.2.16
