GEM
  remote: https://rubygems.org/
  specs:
    concurrent-ruby (1.1.7)
    crass (1.0.6)
    minitest (5.14.3)
    rack (2.2.3)
    rack-contrib (2.3.0)
      rack (~> 2.0)
    zeitwerk (2.4.2)

PLATFORMS
  ruby

DEPENDENCIES
  concurrent-ruby
  crass
  minitest
  rack
  rack-contrib
  zeitwerk

BUNDLED WITH
   2.1.4
