GEM
  remote: https://rubygems.org/
  specs:
    concurrent-ruby (1.1.7)
    minitest (5.14.3)
    rack (2.2.3)
    rack-contrib (2.3.0)
      rack (~> 2.0)
    rouge (3.26.0)
    sequel (5.40.0)
    sqlite3 (1.4.2)

PLATFORMS
  ruby

DEPENDENCIES
  concurrent-ruby
  minitest
  rack
  rack-contrib
  rouge
  sequel
  sqlite3

BUNDLED WITH
   2.1.4
