PATH
  remote: .
  specs:
    el (0.1.0)
      rack
      rack-contrib
      zeitwerk

GEM
  remote: https://rubygems.org/
  specs:
    concurrent-ruby (1.1.8)
    crass (1.0.6)
    minitest (5.14.4)
    pegex (0.0.3)
    rack (2.2.3)
    rack-contrib (2.3.0)
      rack (~> 2.0)
    zeitwerk (2.4.2)

PLATFORMS
  ruby

DEPENDENCIES
  concurrent-ruby
  crass
  el!
  minitest
  pegex

BUNDLED WITH
   2.1.4
