GEM
  remote: https://rubygems.org/
  specs:
    abstract_type (0.0.7)
    adamantium (0.2.0)
      ice_nine (~> 0.11.0)
      memoizable (~> 0.4.0)
    anima (0.3.2)
      abstract_type (~> 0.0.7)
      adamantium (~> 0.2)
      equalizer (~> 0.0.11)
    ast (2.4.1)
    coderay (1.1.2)
    concord (0.1.6)
      adamantium (~> 0.2.0)
      equalizer (~> 0.0.9)
    concurrent-ruby (1.1.6)
    diff-lcs (1.4.4)
    equalizer (0.0.11)
    ice_nine (0.11.2)
    memoizable (0.4.2)
      thread_safe (~> 0.3, >= 0.3.1)
    method_source (1.0.0)
    minitest (5.14.2)
    mprelude (0.1.0)
      abstract_type (~> 0.0.7)
      adamantium (~> 0.2.0)
      concord (~> 0.1.5)
      equalizer (~> 0.0.9)
      ice_nine (~> 0.11.1)
      procto (~> 0.0.2)
    parser (2.7.1.5)
      ast (~> 2.4.1)
    procto (0.0.3)
    pry (0.13.0)
      coderay (~> 1.1)
      method_source (~> 1.0)
    rack (2.2.3)
    rack-contrib (2.2.0)
      rack (~> 2.0)
    rouge (3.23.0)
    sequel (5.37.0)
    sqlite3 (1.4.2)
    thread_safe (0.3.6)
    unparser (0.4.9)
      abstract_type (~> 0.0.7)
      adamantium (~> 0.2.0)
      anima (~> 0.3.1)
      concord (~> 0.1.5)
      diff-lcs (~> 1.3)
      equalizer (~> 0.0.9)
      mprelude (~> 0.1.0)
      parser (>= 2.6.5)
      procto (~> 0.0.2)

PLATFORMS
  ruby

DEPENDENCIES
  concurrent-ruby
  minitest
  parser
  pry
  rack
  rack-contrib
  rouge
  sequel
  sqlite3
  unparser

BUNDLED WITH
   1.17.3
